GEM
  remote: https://rubygems.org/
  specs:
    coderay (1.1.2)
    method_source (0.9.0)
    polyglot (0.3.5)
    pry (0.11.3)
      coderay (~> 1.1.0)
      method_source (~> 0.9.0)
    treetop (1.6.9)
      polyglot (~> 0.3)

PLATFORMS
  ruby

DEPENDENCIES
  pry
  treetop

BUNDLED WITH
   1.15.1
